GEM
  remote: https://rubygems.org/
  specs:
    bson (1.9.2)
    cloud_elements (0.3.1)
      httmultiparty (= 0.3.10)
    httmultiparty (0.3.10)
      httparty (>= 0.7.3)
      multipart-post
    httparty (0.13.0)
      json (~> 1.8)
      multi_xml (>= 0.5.2)
    json (1.8.1)
    mongo (1.9.2)
      bson (~> 1.9.2)
    multi_xml (0.5.5)
    multipart-post (2.0.0)
    rack (1.5.2)
    rack-protection (1.5.2)
      rack
    sinatra (1.4.4)
      rack (~> 1.4)
      rack-protection (~> 1.4)
      tilt (~> 1.3, >= 1.3.4)
    tilt (1.4.1)

PLATFORMS
  ruby

DEPENDENCIES
  cloud_elements
  httparty
  mongo
  sinatra
